GEM
  remote: https://rubygems.org/
  specs:
    gruff (0.7.0)
      rmagick (~> 2.13, >= 2.13.4)
    rmagick (2.16.0)
    words_counted (1.0.2)

PLATFORMS
  ruby

DEPENDENCIES
  gruff
  words_counted

BUNDLED WITH
   1.15.3
